GEM
  remote: https://rubygems.org/
  specs:
    addressable (2.8.7)
      public_suffix (>= 2.0.2, < 7.0)
    base64 (0.3.0)
    bibtex-ruby (6.1.0)
      latex-decode (~> 0.0)
      racc (~> 1.7)
    cgi (0.5.0)
    charlock_holmes (0.7.9)
    commonmarker (2.3.0-aarch64-linux)
    commonmarker (2.3.0-arm64-darwin)
    commonmarker (2.3.0-x86_64-darwin)
    commonmarker (2.3.0-x86_64-linux)
    csv (3.3.5)
    faraday (2.13.1)
      faraday-net_http (>= 2.0, < 3.5)
      json
      logger
    faraday-net_http (3.4.1)
      net-http (>= 0.5.0)
    faraday-retry (2.3.2)
      faraday (~> 2.0)
    github-linguist (9.2.0)
      cgi
      charlock_holmes (~> 0.7.7)
      mini_mime (~> 1.0)
      rugged (~> 1.0)
    json (2.12.2)
    latex-decode (0.4.0)
    logger (1.7.0)
    mini_mime (1.1.5)
    net-http (0.6.0)
      uri
    nokogiri (1.18.8-aarch64-linux-gnu)
      racc (~> 1.4)
    nokogiri (1.18.8-arm64-darwin)
      racc (~> 1.4)
    nokogiri (1.18.8-x86_64-darwin)
      racc (~> 1.4)
    nokogiri (1.18.8-x86_64-linux-gnu)
      racc (~> 1.4)
    octokit (10.0.0)
      faraday (>= 1, < 3)
      sawyer (~> 0.9)
    openjournals-nameable (1.2.0)
      csv
    public_suffix (6.0.2)
    racc (1.8.1)
    rugged (1.9.0)
    sawyer (0.9.2)
      addressable (>= 2.3.5)
      faraday (>= 0.17.3, < 3)
    theoj (1.11.0)
      base64
      commonmarker (~> 2.3)
      faraday (~> 2.13)
      faraday-retry (~> 2.3)
      github-linguist (~> 9.2)
      octokit (~> 10.0)
      openjournals-nameable (~> 1.2)
      rugged (~> 1.9)
    uri (1.0.3)

PLATFORMS
  aarch64-linux
  arm64-darwin
  x86_64-darwin
  x86_64-linux

DEPENDENCIES
  bibtex-ruby
  nokogiri
  theoj

BUNDLED WITH
   2.5.10
