GEM
  remote: https://rubygems.org/
  specs:
    addressable (2.8.6)
      public_suffix (>= 2.0.2, < 6.0)
    base64 (0.2.0)
    bibtex-ruby (6.1.0)
      latex-decode (~> 0.0)
      racc (~> 1.7)
    cgi (0.4.1)
    charlock_holmes (0.7.7)
    commonmarker (1.0.4-aarch64-linux)
    commonmarker (1.0.4-arm64-darwin)
    commonmarker (1.0.4-x86_64-darwin)
    commonmarker (1.0.4-x86_64-linux)
    csv (3.3.0)
    faraday (2.9.0)
      faraday-net_http (>= 2.0, < 3.2)
    faraday-net_http (3.1.0)
      net-http
    faraday-retry (2.2.1)
      faraday (~> 2.0)
    github-linguist (7.29.0)
      cgi
      charlock_holmes (~> 0.7.7)
      mini_mime (~> 1.0)
      rugged (~> 1.0)
    latex-decode (0.4.0)
    mini_mime (1.1.5)
    net-http (0.4.1)
      uri
    nokogiri (1.16.3-aarch64-linux)
      racc (~> 1.4)
    nokogiri (1.16.3-arm64-darwin)
      racc (~> 1.4)
    nokogiri (1.16.3-x86_64-darwin)
      racc (~> 1.4)
    nokogiri (1.16.3-x86_64-linux)
      racc (~> 1.4)
    octokit (8.1.0)
      base64
      faraday (>= 1, < 3)
      sawyer (~> 0.9)
    openjournals-nameable (1.2.0)
      csv
    public_suffix (5.0.5)
    racc (1.7.3)
    rugged (1.7.2)
    sawyer (0.9.2)
      addressable (>= 2.3.5)
      faraday (>= 0.17.3, < 3)
    theoj (1.10.0)
      commonmarker (~> 1.0.4)
      faraday (~> 2.9)
      faraday-retry (~> 2.2)
      github-linguist (~> 7.28)
      octokit (~> 8.1)
      openjournals-nameable (~> 1.2)
      rugged (~> 1.7)
    uri (0.13.0)

PLATFORMS
  aarch64-linux
  arm64-darwin
  x86_64-darwin
  x86_64-linux

DEPENDENCIES
  bibtex-ruby
  nokogiri
  theoj

BUNDLED WITH
   2.5.10
